GEM
  remote: http://rubygems.org/
  specs:
    Ascii85 (1.0.0)
    atk (0.90.5)
      glib2 (>= 0.90.5)
    cairo (1.10.0)
      pkg-config
    gdk_pixbuf2 (0.90.5)
      glib2 (>= 0.90.5)
    glib2 (0.90.5)
      pkg-config
    gtk2 (0.90.5)
      atk (>= 0.90.5)
      cairo (>= 1.10.0)
      gdk_pixbuf2 (>= 0.90.5)
      glib2 (>= 0.90.5)
      pango (>= 0.90.5)
    pango (0.90.5)
      cairo (>= 1.10.0)
      glib2 (>= 0.90.5)
    pdf-reader (0.8.6)
      Ascii85 (>= 0.9)
    pkg-config (1.0.7)
    poppler (0.90.5)
      cairo (>= 1.10.0)
      gdk_pixbuf2 (>= 0.90.5)
      glib2 (>= 0.90.5)
      gtk2 (>= 0.90.5)
    rake (0.8.7)
    roodi (2.1.0)
      ruby_parser
    rspec (1.3.1)
    rsvg2 (0.90.5)
      cairo (>= 1.10.0)
      glib2 (>= 0.90.5)
    ruby_parser (2.0.5)
      sexp_processor (~> 3.0)
    sexp_processor (3.0.5)

PLATFORMS
  ruby

DEPENDENCIES
  atk (= 0.90.5)
  cairo (>= 1.10.0)
  gdk_pixbuf2 (= 0.90.5)
  glib2 (= 0.90.5)
  gtk2 (= 0.90.5)
  pango (= 0.90.5)
  pdf-reader (>= 0.8.6)
  poppler (= 0.90.5)
  rake
  roodi
  rspec (~> 1.0)
  rsvg2 (= 0.90.5)

METADATA
  version: 1.0.6
