PATH
  remote: .
  specs:
    pdf-wrapper (0.4.1.compatibility)
      cairo (~> 1.8)

GEM
  remote: https://rubygems.org/
  specs:
    Ascii85 (1.0.1)
    cairo (1.15.13)
      native-package-installer (>= 1.0.3)
      pkg-config (>= 1.2.2)
    diff-lcs (1.1.2)
    native-package-installer (1.0.6)
    pdf-reader (0.9.3)
      Ascii85 (>= 0.9)
    pkg-config (1.3.1)
    rake (0.9.2)
    roodi (2.1.0)
      ruby_parser
    rspec (2.6.0)
      rspec-core (~> 2.6.0)
      rspec-expectations (~> 2.6.0)
      rspec-mocks (~> 2.6.0)
    rspec-core (2.6.4)
    rspec-expectations (2.6.0)
      diff-lcs (~> 1.1.2)
    rspec-mocks (2.6.0)
    ruby_parser (2.0.6)
      sexp_processor (~> 3.0)
    sexp_processor (3.0.5)

PLATFORMS
  ruby

DEPENDENCIES
  pdf-reader (~> 0.9.0)
  pdf-wrapper!
  rake
  roodi
  rspec (~> 2.1)

BUNDLED WITH
   1.16.1
