PATH
  remote: .
  specs:
    pdf-wrapper (0.4.4)
      cairo (~> 1.8)
      gdk_pixbuf2 (>= 0.90.5, ~> 1.0.0)
      glib2 (>= 0.90.5, ~> 1.0.0)
      gtk2 (>= 0.90.5, ~> 1.0.0)
      pango (>= 0.90.5, ~> 1.0.0)
      poppler (>= 0.90.5, ~> 1.0.0)
      rsvg2 (>= 0.90.5, ~> 1.0.0)

GEM
  remote: http://rubygems.org/
  specs:
    Ascii85 (1.0.1)
    atk (1.0.0)
      glib2 (>= 1.0.0)
    cairo (1.10.0)
      pkg-config
    diff-lcs (1.1.2)
    gdk_pixbuf2 (1.0.0)
      glib2 (>= 1.0.0)
    glib2 (1.0.0)
      pkg-config
    gtk2 (1.0.0)
      atk (>= 1.0.0)
      gdk_pixbuf2 (>= 1.0.0)
      pango (>= 1.0.0)
    pango (1.0.0)
      cairo (>= 1.10.0)
      glib2 (>= 1.0.0)
    pdf-reader (0.9.3)
      Ascii85 (>= 0.9)
    pkg-config (1.1.2)
    poppler (1.0.0)
      gtk2 (>= 1.0.0)
    rake (0.9.2)
    roodi (2.1.0)
      ruby_parser
    rspec (2.6.0)
      rspec-core (~> 2.6.0)
      rspec-expectations (~> 2.6.0)
      rspec-mocks (~> 2.6.0)
    rspec-core (2.6.4)
    rspec-expectations (2.6.0)
      diff-lcs (~> 1.1.2)
    rspec-mocks (2.6.0)
    rsvg2 (1.0.0)
      cairo (>= 1.10.0)
      gdk_pixbuf2 (>= 1.0.0)
    ruby_parser (2.0.6)
      sexp_processor (~> 3.0)
    sexp_processor (3.0.5)

PLATFORMS
  ruby

DEPENDENCIES
  pdf-reader (~> 0.9.0)
  pdf-wrapper!
  rake
  roodi
  rspec (~> 2.1)
