PATH
  remote: .
  specs:
    pdf-wrapper (0.4.3)
      cairo (~> 1.8)
      gdk_pixbuf2 (~> 0.90.5)
      glib2 (~> 0.90.5)
      gtk2 (~> 0.90.5)
      pango (~> 0.90.5)
      poppler (~> 0.90.5)
      rsvg2 (~> 0.90.5)

GEM
  remote: http://rubygems.org/
  specs:
    Ascii85 (1.0.0)
    atk (0.90.5)
      glib2 (>= 0.90.5)
    cairo (1.10.0)
      pkg-config
    diff-lcs (1.1.2)
    gdk_pixbuf2 (0.90.5)
      glib2 (>= 0.90.5)
    glib2 (0.90.5)
      pkg-config
    gtk2 (0.90.5)
      atk (>= 0.90.5)
      cairo (>= 1.10.0)
      gdk_pixbuf2 (>= 0.90.5)
      glib2 (>= 0.90.5)
      pango (>= 0.90.5)
    pango (0.90.5)
      cairo (>= 1.10.0)
      glib2 (>= 0.90.5)
    pdf-reader (0.8.6)
      Ascii85 (>= 0.9)
    pkg-config (1.0.7)
    poppler (0.90.5)
      cairo (>= 1.10.0)
      gdk_pixbuf2 (>= 0.90.5)
      glib2 (>= 0.90.5)
      gtk2 (>= 0.90.5)
    rake (0.8.7)
    roodi (2.1.0)
      ruby_parser
    rspec (2.1.0)
      rspec-core (~> 2.1.0)
      rspec-expectations (~> 2.1.0)
      rspec-mocks (~> 2.1.0)
    rspec-core (2.1.0)
    rspec-expectations (2.1.0)
      diff-lcs (~> 1.1.2)
    rspec-mocks (2.1.0)
    rsvg2 (0.90.5)
      cairo (>= 1.10.0)
      glib2 (>= 0.90.5)
    ruby_parser (2.0.5)
      sexp_processor (~> 3.0)
    sexp_processor (3.0.5)

PLATFORMS
  ruby

DEPENDENCIES
  cairo (~> 1.8)
  gdk_pixbuf2 (~> 0.90.5)
  glib2 (~> 0.90.5)
  gtk2 (~> 0.90.5)
  pango (~> 0.90.5)
  pdf-reader (~> 0.8.6)
  pdf-wrapper!
  poppler (~> 0.90.5)
  rake
  roodi
  rspec (~> 2.1)
  rsvg2 (~> 0.90.5)

METADATA
  version: 1.0.6
